GEM
  remote: http://rubygems.org/
  specs:
    ParseTree (3.0.6)
      RubyInline (>= 3.7.0)
      sexp_processor (>= 3.0.0)
    RubyInline (3.8.6)
      ZenTest (~> 4.3)
    ZenTest (4.4.0)
    abstract (1.0.0)
    activesupport (3.0.0)
    addressable (2.2.1)
    bluecloth (2.0.7)
    cloudfiles (1.4.8)
      mime-types (>= 1.16)
    daemons (1.1.0)
    data_objects (0.10.2)
      addressable (~> 2.1)
    dm-aggregates (1.0.0)
      dm-core (~> 1.0.0)
    dm-core (1.0.0)
      addressable (~> 2.1)
      extlib (~> 0.9.15)
    dm-do-adapter (1.0.0)
      data_objects (~> 0.10.1)
      dm-core (~> 1.0.0)
    dm-migrations (1.0.0)
      dm-core (~> 1.0.0)
    dm-mysql-adapter (1.0.0)
      dm-do-adapter (~> 1.0.0)
      do_mysql (~> 0.10.2)
    dm-transactions (1.0.0)
      dm-core (~> 1.0.0)
    dm-types (1.0.0)
      dm-core (~> 1.0.0)
      fastercsv (~> 1.5.3)
      json_pure (~> 1.4.3)
      stringex (~> 1.1.0)
      uuidtools (~> 2.1.1)
    dm-validations (1.0.0)
      dm-core (~> 1.0.0)
    do_mysql (0.10.2)
      data_objects (= 0.10.2)
    erubis (2.6.6)
      abstract (>= 1.0.0)
    eventmachine (0.12.10)
    extlib (0.9.15)
    fastercsv (1.5.3)
    i18n (0.4.1)
    json (1.4.6)
    json_pure (1.4.6)
    mail (2.2.5)
      activesupport (>= 2.3.6)
      mime-types
      treetop (>= 1.4.5)
    merb-action-args (1.1.3)
      ParseTree (>= 2.1.1)
      merb-core (~> 1.1.3)
      ruby2ruby (>= 1.1.9)
    merb-core (1.1.3)
      bundler
      erubis (>= 2.6.2)
      extlib (>= 0.9.13)
      mime-types (>= 1.16)
      rack
      rake
    merb-helpers (1.1.3)
      merb-core (~> 1.1.3)
    merb_datamapper (1.1.2)
      dm-core (>= 0.10.2)
      dm-migrations (>= 0.10.2)
      merb-core (~> 1.1)
    mime-types (1.16)
    nokogiri (1.4.3.1)
    polyglot (0.3.1)
    rack (1.2.1)
    rake (0.8.7)
    rspec (1.3.0)
    ruby2ruby (1.2.5)
      ruby_parser (~> 2.0)
      sexp_processor (~> 3.0)
    ruby_parser (2.0.5)
      sexp_processor (~> 3.0)
    sexp_processor (3.0.5)
    stringex (1.1.0)
    thin (1.2.7)
      daemons (>= 1.0.9)
      eventmachine (>= 0.12.6)
      rack (>= 1.0.0)
    treetop (1.4.8)
      polyglot (>= 0.3.1)
    uuidtools (2.1.1)

PLATFORMS
  ruby

DEPENDENCIES
  bluecloth (= 2.0.7)
  cloudfiles (= 1.4.8)
  dm-aggregates (= 1.0.0)
  dm-core (= 1.0.0)
  dm-migrations (= 1.0.0)
  dm-mysql-adapter (= 1.0.0)
  dm-transactions (= 1.0.0)
  dm-types (= 1.0.0)
  dm-validations (= 1.0.0)
  fastercsv (= 1.5.3)
  i18n (= 0.4.1)
  json (= 1.4.6)
  mail (= 2.2.5)
  merb-action-args (= 1.1.3)
  merb-core (= 1.1.3)
  merb-helpers (= 1.1.3)
  merb_datamapper (= 1.1.2)
  nokogiri (= 1.4.3.1)
  rspec (= 1.3.0)
  thin (= 1.2.7)
